PATH
  remote: .
  specs:
    watchmouse (0.0.1)
      json
      rest-client
      trollop

GEM
  remote: http://rubygems.org/
  specs:
    json (1.6.5)
    mime-types (1.17.2)
    rest-client (1.6.7)
      mime-types (>= 1.16)
    trollop (1.16.2)

PLATFORMS
  ruby

DEPENDENCIES
  watchmouse!
